GIT
  remote: git://github.com/nrel/openstudio-analysis-gem.git
  revision: 792ae64372304180f1c8988302296ac1ee61eede
  specs:
    openstudio-analysis (1.0.0)
      bcl (~> 0.5.7)
      dencity (~> 0.1.0)
      faraday (~> 0.8)
      nokogiri (~> 1.6.8)
      roo (~> 2.4)
      rubyzip (~> 1.2)
      semantic (~> 1.4)

GEM
  remote: https://rubygems.org/
  specs:
    archive-tar-minitar (0.6.1)
      minitar (~> 0.6)
      minitar-cli (~> 0.6)
    bcl (0.5.8)
      archive-tar-minitar
      builder
      faraday
      multi_json
      nokogiri
      roo
      rubyXL
      rubyzip
      uuid
      yamler
      zliby
    builder (3.2.3)
    dencity (0.1.0)
      faraday
      faraday_middleware
      hashie
      multi_json
      parallel
    faraday (0.15.1)
      multipart-post (>= 1.2, < 3)
    faraday_middleware (0.12.2)
      faraday (>= 0.7.4, < 1.0)
    hashie (3.5.7)
    macaddr (1.7.1)
      systemu (~> 2.6.2)
    mini_portile2 (2.1.0)
    minitar (0.6.1)
    minitar-cli (0.6.1)
      minitar (~> 0.6.0)
      powerbar (~> 1.0)
    multi_json (1.13.1)
    multipart-post (2.0.0)
    nokogiri (1.6.8.1)
      mini_portile2 (~> 2.1.0)
    parallel (1.12.1)
    powerbar (1.0.18)
      hashie (>= 1.1.0)
    roo (2.7.1)
      nokogiri (~> 1)
      rubyzip (~> 1.1, < 2.0.0)
    rubyXL (3.3.29)
      nokogiri (>= 1.4.4)
      rubyzip (>= 1.1.6)
    rubyzip (1.2.1)
    semantic (1.6.1)
    systemu (2.6.5)
    uuid (2.3.9)
      macaddr (~> 1.0)
    yamler (0.1.0)
    zliby (0.0.5)

PLATFORMS
  ruby

DEPENDENCIES
  openstudio-analysis!

BUNDLED WITH
   1.16.1
